GEM
  remote: https://rubygems.org/
  specs:
    rack (1.6.4)
    sequel (4.31.0)
    sqlite3 (1.3.11)

PLATFORMS
  ruby

DEPENDENCIES
  rack
  sequel
  sqlite3

BUNDLED WITH
   1.11.2
