GEM
  remote: https://rubygems.org/
  specs:
    database_cleaner (1.5.1)
    minitest (5.8.4)
    rack (1.6.4)
    rack-protection (1.5.3)
      rack
    rack-test (0.6.3)
      rack (>= 1.0)
    rake (10.4.2)
    sequel (4.31.0)
    sinatra (1.4.7)
      rack (~> 1.5)
      rack-protection (~> 1.4)
      tilt (>= 1.3, < 3)
    sqlite3 (1.3.11)
    tilt (2.0.2)

PLATFORMS
  ruby

DEPENDENCIES
  database_cleaner
  minitest
  rack-test
  rake
  sequel
  sinatra
  sqlite3

BUNDLED WITH
   1.11.2
